GEM
  remote: http://rubygems.org/
  specs:
    addressable (2.3.8)
    awesome_print (1.6.1)
    domain_name (0.5.24)
      unf (>= 0.0.5, < 1.0.0)
    faraday (0.9.1)
      multipart-post (>= 1.2, < 3)
    faraday-cookie_jar (0.0.6)
      faraday (>= 0.7.4)
      http-cookie (~> 1.0.0)
    faraday_middleware (0.10.0)
      faraday (>= 0.7.4, < 0.10)
    fastimage (1.7.0)
      addressable (~> 2.3, >= 2.3.5)
    http-cookie (1.0.2)
      domain_name (~> 0.5)
    koala (2.2.0)
      addressable
      faraday
      multi_json
    metainspector (4.6.1)
      addressable (~> 2.3.5)
      faraday (~> 0.9.0)
      faraday-cookie_jar (~> 0.0.6)
      faraday_middleware (~> 0.10)
      fastimage
      nokogiri (~> 1.6)
    mini_portile (0.6.2)
    multi_json (1.11.2)
    multipart-post (2.0.0)
    nokogiri (1.6.6.2)
      mini_portile (~> 0.6.0)
    rake (10.4.2)
    rufus-scheduler (3.1.4)
    unf (0.1.4)
      unf_ext
    unf_ext (0.0.7.1)

PLATFORMS
  ruby

DEPENDENCIES
  awesome_print
  koala (~> 2.2)
  metainspector (= 4.6.1)
  rake
  rufus-scheduler
